GEM
  remote: https://rubygems.org/
  specs:
    haml (4.0.2)
      tilt
    newrelic_rpm (3.6.0.83)
    nokogiri (1.5.9)
    puma (1.6.3)
      rack (~> 1.2)
    rack (1.5.2)
    rack-protection (1.5.0)
      rack
    rdiscount (2.0.7.2)
    sinatra (1.4.2)
      rack (~> 1.5, >= 1.5.2)
      rack-protection (~> 1.4)
      tilt (~> 1.3, >= 1.3.4)
    tilt (1.3.7)

PLATFORMS
  ruby

DEPENDENCIES
  haml
  newrelic_rpm
  nokogiri
  puma
  rdiscount
  sinatra
